GEM
  remote: https://rubygems.org/
  specs:
    dotenv (2.8.1)
    mqtt (0.6.0)

PLATFORMS
  x86_64-linux

DEPENDENCIES
  dotenv (~> 2.8)
  mqtt (~> 0.6.0)

BUNDLED WITH
   2.4.16
