GEM
  remote: https://rubygems.org/
  specs:
    dotenv (2.8.1)

PLATFORMS
  x86_64-linux

DEPENDENCIES
  dotenv (~> 2.8)

BUNDLED WITH
   2.4.16
